GEM
  remote: http://rubygems.org/
  specs:
    ffi (1.0.11)
    growl (1.0.3)
    guard (0.9.1)
      ffi (>= 0.5.0)
      thor (~> 0.14.6)
    guard-minitest (0.4.0)
      guard (~> 0.4)
    rb-readline (0.4.2)
    thor (0.14.6)

PLATFORMS
  ruby

DEPENDENCIES
  growl
  guard-minitest
  rb-readline
